GEM
  remote: https://rubygems.org/
  specs:
    bson (4.3.0)
    mongo (2.5.0)
      bson (>= 4.3.0, < 5.0.0)

PLATFORMS
  ruby

DEPENDENCIES
  mongo (~> 2.5)

BUNDLED WITH
   1.16.1
